GEM
  remote: https://rubygems.org/
  specs:
    addressable (2.3.8)
    daemons (1.2.3)
    em-websocket (0.5.1)
      eventmachine (>= 0.12.9)
      http_parser.rb (~> 0.6.0)
    eventmachine (1.0.8)
    ffi (1.9.3)
    http_parser.rb (0.6.0)
    json (1.8.3)
    launchy (2.3.0)
      addressable (~> 2.3)
    rack (1.6.4)
    rack-protection (1.5.3)
      rack
    rubyserial (0.2.4)
      ffi (~> 1.9.3)
    sinatra (1.4.3)
      rack (~> 1.4)
      rack-protection (~> 1.4)
      tilt (~> 1.3, >= 1.3.4)
    thin (1.5.1)
      daemons (>= 1.0.9)
      eventmachine (>= 0.12.6)
      rack (>= 1.0.0)
    tilt (1.4.1)
    websocket-gui (0.0.4)
      em-websocket (~> 0.5.0)
      json (>= 1.7.7)
      launchy (~> 2.3.0)
      sinatra (= 1.4.3)
      thin (~> 1.5.1)

PLATFORMS
  ruby

DEPENDENCIES
  json
  rubyserial
  websocket-gui (>= 0.0.4)
